GEM
  remote: https://rubygems.org/
  specs:
    coffee-script (2.2.0)
      coffee-script-source
      execjs
    coffee-script-source (1.6.3)
    execjs (2.0.2)
    haml (4.0.5)
      tilt
    mime-types (2.1)
    rack (1.5.2)
    rack-protection (1.5.2)
      rack
    sass (3.2.5)
    shotgun (0.9)
      rack (>= 1.0)
    sinatra (1.4.4)
      rack (~> 1.4)
      rack-protection (~> 1.4)
      tilt (~> 1.3, >= 1.3.4)
    sinatra-asset-snack (0.1.5)
      coffee-script
      mime-types
      sass
      sinatra
    tilt (1.4.1)

PLATFORMS
  ruby

DEPENDENCIES
  haml
  sass
  shotgun
  sinatra
  sinatra-asset-snack
